GEM
  specs:
    bond (0.5.1)
    data_uri (0.1.0)
    gnuplot (2.6.2)
    iruby (0.3)
      bond (~> 0.5)
      data_uri (~> 0.1)
      mimemagic (~> 0.3)
      multi_json (~> 1.11)
    mimemagic (0.3.2)
    multi_json (1.12.1)
    nyaplot (0.1.6)
    rbczmq (1.7.9)

PLATFORMS
  ruby

DEPENDENCIES
  gnuplot
  iruby
  nyaplot
  rbczmq

BUNDLED WITH
   1.15.3
